PATH
  remote: .
  specs:
    core_extend (0.1.3)

GEM
  remote: https://rubygems.org/
  specs:
    rake (10.1.1)

PLATFORMS
  ruby

DEPENDENCIES
  bundler (~> 1.9)
  core_extend!
  rake (~> 10.0)

BUNDLED WITH
   1.10.3
